GEM
  remote: https://rubygems.org/
  specs:
    byebug (11.0.1)
    rstructural (0.2.0)

PLATFORMS
  ruby

DEPENDENCIES
  byebug
  rstructural

RUBY VERSION
   ruby 2.7.1p83

BUNDLED WITH
   2.1.4
