GEM
  remote: https://rubygems.org/
  specs:
    byebug (11.0.1)
    rstructural (0.1.1)

PLATFORMS
  ruby

DEPENDENCIES
  byebug
  rstructural

BUNDLED WITH
   2.1.2
