GEM
  remote: https://rubygems.org/
  specs:
    byebug (11.0.1)
    immutable-struct (2.4.1)

PLATFORMS
  ruby

DEPENDENCIES
  byebug
  immutable-struct

RUBY VERSION
   ruby 2.7.0p0

BUNDLED WITH
   2.1.2
